PATH
  remote: .
  specs:
    gyft (1.0.1)

GEM
  remote: https://rubygems.org/
  specs:
    addressable (2.4.0)
    crack (0.4.3)
      safe_yaml (~> 1.0.0)
    hashdiff (0.3.0)
    minitest (5.9.0)
    rake (13.0.6)
    safe_yaml (1.0.4)
    webmock (2.1.0)
      addressable (>= 2.3.6)
      crack (>= 0.3.2)
      hashdiff

PLATFORMS
  ruby

DEPENDENCIES
  gyft!
  minitest
  rake
  webmock

BUNDLED WITH
   1.12.5
